GEM
  remote: https://rubygems.org/
  specs:
    activesupport (7.0.3.1)
      concurrent-ruby (~> 1.0, >= 1.0.2)
      i18n (>= 1.6, < 2)
      minitest (>= 5.1)
      tzinfo (~> 2.0)
    concurrent-ruby (1.1.10)
    eventmachine (1.2.0.1)
    ffi (1.13.1)
    hashie (3.4.4)
    i18n (1.12.0)
      concurrent-ruby (~> 1.0)
    minitest (5.16.2)
    mumble-ruby (1.1.3)
      activesupport
      hashie
      opus-ruby
      ruby_protobuf
      wavefile
    opus-ruby (1.0.1)
      ffi
    ruby-mpd (0.3.3)
    ruby_protobuf (0.4.11)
    tzinfo (2.0.5)
      concurrent-ruby (~> 1.0)
    wavefile (0.7.0)

PLATFORMS
  ruby

DEPENDENCIES
  eventmachine
  mumble-ruby
  ruby-mpd

RUBY VERSION
   ruby 2.7.1p83

BUNDLED WITH
   2.1.4
